GEM
  remote: http://rubygems.org/
  specs:
    nokogiri (1.4.4)
    rprogram (0.2.1)
    ruby-nmap (0.4.0)
      nokogiri (>= 1.3.0)
      rprogram (~> 0.2.0)

PLATFORMS
  ruby

DEPENDENCIES
  ruby-nmap
